GEM
  remote: https://rubygems.org/
  specs:
    activemodel (5.2.1)
      activesupport (= 5.2.1)
    activesupport (5.2.1)
      concurrent-ruby (~> 1.0, >= 1.0.2)
      i18n (>= 0.7, < 2)
      minitest (~> 5.1)
      tzinfo (~> 1.1)
    backports (3.11.4)
    coffee-script (2.4.1)
      coffee-script-source
      execjs
    coffee-script-source (1.12.2)
    concurrent-ruby (1.0.5)
    execjs (2.7.0)
    ffi (1.9.25)
    foreman (0.85.0)
      thor (~> 0.19.1)
    haml (5.0.4)
      temple (>= 0.8.0)
      tilt
    i18n (1.1.0)
      concurrent-ruby (~> 1.0)
    minitest (5.11.3)
    multi_json (1.13.1)
    mustermann (1.0.3)
    rack (2.0.5)
    rack-protection (2.0.4)
      rack
    rb-fsevent (0.10.3)
    rb-inotify (0.9.10)
      ffi (>= 0.5.0, < 2)
    sass (3.6.0)
      sass-listen (~> 4.0.0)
    sass-listen (4.0.0)
      rb-fsevent (~> 0.9, >= 0.9.4)
      rb-inotify (~> 0.9, >= 0.9.7)
    sinatra (2.0.4)
      mustermann (~> 1.0)
      rack (~> 2.0)
      rack-protection (= 2.0.4)
      tilt (~> 2.0)
    sinatra-contrib (2.0.4)
      activesupport (>= 4.0.0)
      backports (>= 2.8.2)
      multi_json
      mustermann (~> 1.0)
      rack-protection (= 2.0.4)
      sinatra (= 2.0.4)
      tilt (>= 1.3, < 3)
    temple (0.8.0)
    thor (0.19.4)
    thread_safe (0.3.6)
    tilt (2.0.8)
    tsubaki (0.2.1)
      activemodel
    tzinfo (1.2.5)
      thread_safe (~> 0.1)

PLATFORMS
  ruby

DEPENDENCIES
  coffee-script
  foreman
  haml
  sass
  sinatra
  sinatra-contrib
  tsubaki

BUNDLED WITH
   1.16.5
